GEM
  remote: http://rubygems.org/
  specs:
    barcoder (1.0.0)
    gbarcode (0.98.16)
    rack (1.3.0)
    sinatra (1.0)
      rack (>= 1.0)

PLATFORMS
  ruby

DEPENDENCIES
  barcoder
  gbarcode (= 0.98.16)
  sinatra (= 1.0.0)
