GEM
  remote: http://rubygems.org/
  specs:
    barcoder (1.0.0)
    gbarcode (0.98.16)
    rack (1.3.0)
    sinatra (1.2.6)
      rack (~> 1.1)
      tilt (< 2.0, >= 1.2.2)
    tilt (1.3.2)

PLATFORMS
  ruby

DEPENDENCIES
  barcoder
  gbarcode (= 0.98.16)
  sinatra
