GEM
  remote: http://rubygems.org/
  specs:
    gbarcode (0.98.20)
    rack (1.3.0)
    sinatra (1.0)
      rack (>= 1.0)

PLATFORMS
  ruby

DEPENDENCIES
  gbarcode
  sinatra (= 1.0.0)
